GIT
  remote: git://github.com/shinji-yoshida/rubstone.git
  revision: 7b7a5446167cbd2147fe805d45cddbd6dccca224
  specs:
    rubstone (0.2.1)
      activesupport (~> 4.1)

GEM
  remote: https://rubygems.org/
  specs:
    activesupport (4.2.10)
      i18n (~> 0.7)
      minitest (~> 5.1)
      thread_safe (~> 0.3, >= 0.3.4)
      tzinfo (~> 1.1)
    concurrent-ruby (1.0.5)
    i18n (0.9.5)
      concurrent-ruby (~> 1.0)
    minitest (5.11.3)
    thread_safe (0.3.6)
    tzinfo (1.2.5)
      thread_safe (~> 0.1)

PLATFORMS
  ruby

DEPENDENCIES
  rubstone!

BUNDLED WITH
   1.11.2
